GEM
  remote: https://rubygems.org/
  specs:
    rack (3.0.4.2)
    sinatra (1.0)
      rack (>= 1.0)

PLATFORMS
  ruby

DEPENDENCIES
  rack (>= 2.0.9.3)
  sinatra

BUNDLED WITH
   1.17.3
